GIT
  remote: https://github.com/Mira21-prog/flip
  revision: e8135b0910c76701e209fae29cbec949693ebc38
  branch: main
  specs:
    content_flip (2.1.1)

GEM
  remote: https://rubygems.org/
  specs:
    addressable (2.7.0)
      public_suffix (>= 2.0.2, < 5.0)
    coderay (1.1.3)
    launchy (2.5.0)
      addressable (~> 2.7)
    method_source (1.0.0)
    pry (0.13.1)
      coderay (~> 1.1)
      method_source (~> 1.0)
    public_suffix (4.0.6)

PLATFORMS
  ruby

DEPENDENCIES
  content_flip (~> 2.1.1)!
  launchy
  pry

BUNDLED WITH
   1.17.2
